PATH
  remote: .
  specs:
    sprokovuln (0.1.0)
      sprockets (= 3.7.1)

GEM
  remote: https://rubygems.org/
  specs:
    concurrent-ruby (1.0.5)
    rack (2.0.5)
    rake (10.5.0)
    sprockets (3.7.1)
      concurrent-ruby (~> 1.0)
      rack (> 1, < 3)

PLATFORMS
  ruby

DEPENDENCIES
  bundler (~> 1.16)
  rake (~> 10.0)
  sprokovuln!

BUNDLED WITH
   1.16.3
